{
	"Modality": "MR",
	"MagneticFieldStrength": 3,
	"Manufacturer": "Siemens",
	"ManufacturersModelName": "Skyra",
	"InstitutionName": "Princeton_University_-_Neuroscience_Institute",
	"InstitutionalDepartmentName": "Department",
	"InstitutionAddress": "Washington_and_Faculty_Rd._-_Building_25_25_Princeton_NJ_US_085",
	"DeviceSerialNumber": "45031",
	"StationName": "AWP45031",
	"BodyPartExamined": "BRAIN",
	"PatientPosition": "HFS",
	"ProcedureStepDescription": "Turk-BrowneLab_Projects",
	"SoftwareVersions": "syngo_MR_D13",
	"MRAcquisitionType": "2D",
	"SeriesDescription": "epi_acc3_shift2_1.5TR_220vol",
	"ProtocolName": "epi_acc3_shift2_1.5TR_220vol",
	"ScanningSequence": "EP",
	"SequenceVariant": "SK_SS",
	"ScanOptions": "PFP",
	"SequenceName": "epcaipi2d1_128",
	"ImageType": ["ORIGINAL", "PRIMARY", "M", "ND", "MOSAIC"],
	"SeriesNumber": 7,
	"AcquisitionTime": "13:21:47.880000",
	"AcquisitionNumber": 1,
	"SliceThickness": 1.5,
	"SpacingBetweenSlices": 1.5,
	"SAR": 0.0354974,
	"EchoTime": 0.04,
	"RepetitionTime": 1.5,
	"FlipAngle": 64,
	"PartialFourier": 0.75,
	"BaseResolution": 128,
	"ShimSetting": [
		3394,
		8635,
		9542,
		433,
		93,
		327,
		1419,
		52	],
	"TxRefAmp": 354.852,
	"PhaseResolution": 1,
	"ReceiveCoilName": "HeadNeck_20",
	"ReceiveCoilActiveElements": "HE1-4",
	"PulseSequenceDetails": "%CustomerSeq%_ep2d_bold_sliceaccl_667A",
	"ConsistencyInfo": "N4_VD13A_LATEST_20120616",
	"MultibandAccelerationFactor": 3,
	"PercentPhaseFOV": 100,
	"EchoTrainLength": 96,
	"PhaseEncodingSteps": 96,
	"AcquisitionMatrixPE": 128,
	"ReconMatrixPE": 128,
	"BandwidthPerPixelPhaseEncode": 8.311,
	"EffectiveEchoSpacing": 0.000940019,
	"DerivedVendorReportedEchoSpacing": 0.000940019,
	"TotalReadoutTime": 0.119382,
	"PixelBandwidth": 1220,
	"DwellTime": 3.2e-06,
	"PhaseEncodingDirection": "j-",
	"SliceTiming": [
		1.0575,
		0,
		0.74,
		0.105,
		0.845,
		0.21,
		0.95,
		0.4225,
		1.1625,
		0.5275,
		1.2875,
		0.6325,
		1.3925,
		0.3175,
		1.0575,
		0,
		0.74,
		0.105,
		0.845,
		0.21,
		0.95,
		0.4225,
		1.1625,
		0.5275,
		1.2875,
		0.6325,
		1.3925,
		0.3175,
		1.0575,
		0,
		0.74,
		0.105,
		0.845,
		0.21,
		0.95,
		0.4225,
		1.1625,
		0.5275,
		1.2875,
		0.6325,
		1.3925,
		0.3175	],
	"ImageOrientationPatientDICOM": [
		1,
		0,
		0,
		0,
		0.973579,
		0.228351	],
	"InPlanePhaseEncodingDirectionDICOM": "COL",
	"ConversionSoftware": "dcm2niix",
	"ConversionSoftwareVersion": "v1.0.20180518 GCC4.8.5"
}
